GEM
  remote: http://rubygems.org/
  specs:
    diff-lcs (1.1.2)
    haml (3.0.24)
    rdiscount (1.6.5)
    rspec (2.1.0)
      rspec-core (~> 2.1.0)
      rspec-expectations (~> 2.1.0)
      rspec-mocks (~> 2.1.0)
    rspec-core (2.1.0)
    rspec-expectations (2.1.0)
      diff-lcs (~> 1.1.2)
    rspec-mocks (2.1.0)
    sass (3.1.0.alpha.39)

PLATFORMS
  ruby

DEPENDENCIES
  haml
  rdiscount (~> 1.6.5)
  rspec (~> 2.1.0)
  sass
